GEM
  remote: https://rubygems.org/
  specs:
    bindata (2.1.0)
    byebug (8.2.1)
    coderay (1.1.0)
    faker (1.6.1)
      i18n (~> 0.5)
    gnuplot (2.6.2)
    i18n (0.7.0)
    innodb_ruby (0.9.13)
      bindata (>= 1.4.5)
    method_source (0.8.2)
    mysql2 (0.4.2)
    pry (0.10.3)
      coderay (~> 1.1.0)
      method_source (~> 0.8.1)
      slop (~> 3.4)
    pry-byebug (3.3.0)
      byebug (~> 8.0)
      pry (~> 0.10)
    pry-doc (0.8.0)
      pry (~> 0.9)
      yard (~> 0.8)
    rake (10.4.2)
    slop (3.6.0)
    yard (0.8.7.6)

PLATFORMS
  ruby

DEPENDENCIES
  faker
  gnuplot
  innodb_ruby
  mysql2
  pry
  pry-byebug
  pry-doc
  rake

BUNDLED WITH
   1.10.6
